RESTRICTION: == net45
NUGET
  remote: https://www.nuget.org/api/v2
    Accord (2.15)
    Accord.MachineLearning (2.15)
      Accord (>= 2.15)
      Accord.Math (>= 2.15)
      Accord.Statistics (>= 2.15)
      AForge (>= 2.2.5)
    Accord.Math (2.15)
      Accord (>= 2.15)
      AForge (>= 2.2.5)
      AForge.Math (>= 2.2.5)
    Accord.Neuro (2.15)
      Accord (>= 2.15)
      Accord.Math (>= 2.15)
      AForge (>= 2.2.5)
      AForge.Math (>= 2.2.5)
      AForge.Neuro (>= 2.2.5)
    Accord.Statistics (2.15)
      Accord (>= 2.15)
      Accord.Math (>= 2.15)
      AForge (>= 2.2.5)
      AForge.Math (>= 2.2.5)
    AForge (2.2.5)
    AForge.Genetic (2.2.5)
      AForge (>= 2.2.5)
      AForge.Math (>= 2.2.5)
    AForge.Math (2.2.5)
      AForge (>= 2.2.5)
    AForge.Neuro (2.2.5)
      AForge (>= 2.2.5)
      AForge.Genetic (>= 2.2.5)
      AForge.Math (>= 2.2.5)
    Deedle (1.2.1)
    Deedle.RPlugin (1.2.1)
      Deedle (>= 1.2.1)
      R.NET.Community (>= 1.6.4)
      R.NET.Community.FSharp (>= 1.6.4)
      RProvider (>= 1.1.12)
    DynamicInterop (0.7.4)
    FSharp.Charting (0.90.10)
    FSharp.Core (3.1.2.1)
    FSharp.Data (2.2.3)
    MathNet.Numerics (4.4)
    MathNet.Numerics.FSharp.Signed (3.6)
      FSharp.Core (>= 3.1.2.1)
      MathNet.Numerics.Signed (3.6)
    MathNet.Numerics.MKL.Linux-x64 (2.0)
    MathNet.Numerics.MKL.Win-x64 (1.7)
      MathNet.Numerics (>= 2.4)
    MathNet.Numerics.Signed (3.6)
    R.NET.Community (1.6.4)
      DynamicInterop (0.7.4)
    R.NET.Community.FSharp (1.6.4)
      R.NET.Community (>= 1.6.4)
    RProvider (1.1.12)
      DynamicInterop (0.7.4)
      R.NET.Community (1.6.4)
      R.NET.Community.FSharp (1.6.4)
