RESTRICTION: == net45
NUGET
  remote: https://www.nuget.org/api/v2
    Accord (2.15)
    Accord.MachineLearning (2.15)
      Accord (>= 2.15)
      Accord.Math (>= 2.15)
      Accord.Statistics (>= 2.15)
      AForge (>= 2.2.5)
    Accord.Math (2.15)
      Accord (>= 2.15)
      AForge (>= 2.2.5)
      AForge.Math (>= 2.2.5)
    Accord.Neuro (2.15)
      Accord (>= 2.15)
      Accord.Math (>= 2.15)
      AForge (>= 2.2.5)
      AForge.Math (>= 2.2.5)
      AForge.Neuro (>= 2.2.5)
    Accord.Statistics (2.15)
      Accord (>= 2.15)
      Accord.Math (>= 2.15)
      AForge (>= 2.2.5)
      AForge.Math (>= 2.2.5)
    AForge (2.2.5)
    AForge.Genetic (2.2.5)
      AForge (>= 2.2.5)
      AForge.Math (>= 2.2.5)
    AForge.Math (2.2.5)
      AForge (>= 2.2.5)
    AForge.Neuro (2.2.5)
      AForge (>= 2.2.5)
      AForge.Genetic (>= 2.2.5)
      AForge.Math (>= 2.2.5)
    Argu (3.7)
    DynamicInterop (0.7.4)
    FSharp.Core (4.3.4)
    FSharp.Data (2.2.3)
    FsPickler (4.6)
      FSharp.Core (>= 3.1)
    FsPickler.Json (5.2)
      FSharp.Core (>= 3.1.2)
      Newtonsoft.Json (>= 6.0.5)
    MBrace.Core (1.5.4)
      FSharp.Core (>= 4.0.0.1)
    MBrace.Flow (1.5.4)
      FSharp.Core (>= 4.0)
      MBrace.Core (1.5.4)
      Streams
    MBrace.Runtime (1.5.4)
      FsPickler (>= 4.5 < 5.0)
      FsPickler.Json
      MBrace.Core (1.5.4)
      Vagabond (>= 0.15 < 1.0)
    MBrace.Thespian (1.5.4)
      Argu (>= 3.2 < 4.0)
      FsPickler (>= 4.5 < 5.0)
      MBrace.Core (1.5.4)
      MBrace.Runtime (1.5.4)
      Thespian (>= 0.1.16-alpha < 0.2.0-alpha)
      Vagabond (>= 0.15 < 1.0)
    Mono.Cecil (0.10)
    Newtonsoft.Json (11.0.2)
    Streams (0.4.1)
    Thespian (0.1.16)
      FSharp.Core (>= 3.1)
      FsPickler (>= 4.0 < 5.0)
    Vagabond (0.15)
      FsPickler (>= 4.0 < 5.0)
      Mono.Cecil (>= 0.10.0-beta6)
